GEM
  remote: http://rubygems.org/
  specs:
    diff-lcs (1.1.3)
    facter (1.6.0)
    puppet (2.6.12)
      facter (>= 1.5.1)
    rake (0.8.7)
    rspec (2.7.0)
      rspec-core (~> 2.7.0)
      rspec-expectations (~> 2.7.0)
      rspec-mocks (~> 2.7.0)
    rspec-core (2.7.1)
    rspec-expectations (2.7.0)
      diff-lcs (~> 1.1.2)
    rspec-mocks (2.7.0)
    rspec-puppet (0.1.0)
      rspec

PLATFORMS
  ruby

DEPENDENCIES
  facter (= 1.6.0)
  puppet (= 2.6.12)
  rake (= 0.8.7)
  rspec-puppet (= 0.1.0)
